GEM
  remote: https://rubygems.org/
  specs:
    atk (2.2.2)
      glib2 (= 2.2.2)
    cairo (1.12.9)
      pkg-config (>= 1.1.5)
    gdk3 (2.2.2)
      gdk_pixbuf2 (= 2.2.2)
      pango (= 2.2.2)
    gdk_pixbuf2 (2.2.2)
      glib2 (= 2.2.2)
    gio2 (2.2.2)
      glib2 (= 2.2.2)
      gobject-introspection (= 2.2.2)
    git (1.2.8)
    glib2 (2.2.2)
      pkg-config
    gobject-introspection (2.2.2)
      glib2 (= 2.2.2)
    gtk3 (2.2.2)
      atk (= 2.2.2)
      gdk3 (= 2.2.2)
      gdk_pixbuf2 (= 2.2.2)
      gio2 (= 2.2.2)
      glib2 (= 2.2.2)
      pango (= 2.2.2)
    gtksourceview3 (2.2.2)
      gtk3 (= 2.2.2)
    pango (2.2.2)
      cairo (>= 1.12.5)
      glib2 (= 2.2.2)
    pkg-config (1.1.5)

PLATFORMS
  ruby

DEPENDENCIES
  git
  gtk3
  gtksourceview3
